GEM
  remote: https://rubygems.org/
  specs:
    faraday (1.3.0)
      faraday-net_http (~> 1.0)
      multipart-post (>= 1.2, < 3)
      ruby2_keywords
    faraday-net_http (1.0.1)
    httparty (0.18.1)
      mime-types (~> 3.0)
      multi_xml (>= 0.5.2)
    json (2.5.1)
    mime-types (3.3.1)
      mime-types-data (~> 3.2015)
    mime-types-data (3.2021.0225)
    multi_xml (0.6.0)
    multipart-post (2.1.1)
    rebrandly (0.1.5)
      httparty (~> 0.14)
    ruby2_keywords (0.0.4)

PLATFORMS
  x86_64-linux

DEPENDENCIES
  faraday (~> 1.3)
  json (~> 2.5)
  rebrandly (~> 0.1.5)

BUNDLED WITH
   2.2.12
